PATH
  remote: .
  specs:
    resque-pool (0.1.0.dev)
      rake
      resque (~> 1.10)
      trollop (~> 1.16)

GEM
  remote: http://rubygems.org/
  specs:
    SystemTimer (1.2.1)
    daemons (1.1.0)
    diff-lcs (1.1.2)
    eventmachine (0.12.10)
    json (1.4.6)
    rack (1.2.1)
    rake (0.8.7)
    redis (2.1.1)
    redis-namespace (0.8.0)
      redis (< 3.0.0)
    resque (1.10.0)
      json (~> 1.4.6)
      redis-namespace (~> 0.8.0)
      sinatra (>= 0.9.2)
      vegas (~> 0.1.2)
    rspec (2.4.0)
      rspec-core (~> 2.4.0)
      rspec-expectations (~> 2.4.0)
      rspec-mocks (~> 2.4.0)
    rspec-core (2.4.0)
    rspec-expectations (2.4.0)
      diff-lcs (~> 1.1.2)
    rspec-mocks (2.4.0)
    sinatra (1.1.2)
      rack (~> 1.1)
      tilt (~> 1.2)
    thin (1.2.7)
      daemons (>= 1.0.9)
      eventmachine (>= 0.12.6)
      rack (>= 1.0.0)
    tilt (1.2.2)
    trollop (1.16.2)
    vegas (0.1.8)
      rack (>= 1.0.0)

PLATFORMS
  ruby

DEPENDENCIES
  SystemTimer
  bundler (~> 1.0)
  rake
  resque (~> 1.10)
  resque-pool!
  rspec
  thin
  trollop (~> 1.16)
